GEM
  remote: https://rubygems.org/
  specs:
    crass (1.0.2)
    eventmachine (1.0.8)
    faraday (0.9.2)
      multipart-post (>= 1.2, < 3)
    faye-websocket (0.10.2)
      eventmachine (>= 0.12.0)
      websocket-driver (>= 0.5.1)
    http_router (0.11.2)
      rack (>= 1.0.0)
      url_mount (~> 0.2.1)
    i18n (0.7.0)
    ice_nine (0.11.1)
    lita (4.6.1)
      bundler (>= 1.3)
      faraday (>= 0.8.7)
      http_router (>= 0.11.2)
      i18n (>= 0.6.9)
      ice_nine (>= 0.11.0)
      multi_json (>= 1.7.7)
      puma (>= 2.7.1)
      rack (>= 1.5.2)
      rb-readline (>= 0.5.1)
      redis-namespace (>= 1.3.0)
      thor (>= 0.18.1)
    lita-cheapshark (0.2.0)
      lita (>= 4.6)
    lita-down-for-everyone (0.0.4)
      lita
    lita-howlongtobeat (0.3.0)
      lita (>= 4.6)
      nokogiri (>= 1.6.6)
    lita-netping (0.5.0)
      lita (>= 4.0)
      net-ping
    lita-ping (1.1.1)
      lita (>= 2.0)
    lita-slack (1.7.2)
      eventmachine
      faraday
      faye-websocket (>= 0.8.0)
      lita (>= 4.6.0)
      multi_json
    lita-urban-dictionary (1.1.0)
      lita (>= 4.0)
    lita-wikipedia (0.1.0)
      lita (>= 3.1)
      nokogiri (>= 1.6.6)
      sanitize (>= 3.1.2)
    mini_portile2 (2.0.0)
    multi_json (1.11.2)
    multipart-post (2.0.0)
    net-ping (1.7.8)
    nokogiri (1.6.7)
      mini_portile2 (~> 2.0.0.rc2)
    nokogumbo (1.4.1)
      nokogiri
    puma (2.15.3)
    rack (1.6.4)
    rb-readline (0.5.3)
    redis (3.2.2)
    redis-namespace (1.5.2)
      redis (~> 3.0, >= 3.0.4)
    sanitize (4.0.0)
      crass (~> 1.0.2)
      nokogiri (>= 1.4.4)
      nokogumbo (= 1.4.1)
    thor (0.19.1)
    url_mount (0.2.1)
      rack
    websocket-driver (0.6.3)
      websocket-extensions (>= 0.1.0)
    websocket-extensions (0.1.2)

PLATFORMS
  ruby

DEPENDENCIES
  lita
  lita-cheapshark (= 0.2.0)
  lita-down-for-everyone
  lita-howlongtobeat (= 0.3.0)
  lita-netping
  lita-ping
  lita-slack
  lita-urban-dictionary
  lita-wikipedia

BUNDLED WITH
   1.11.2
